GEM
  remote: https://rubygems.org/
  specs:
    hoe (3.7.1)
      rake (>= 0.8, < 11.0)
    mini_portile (0.5.1)
    minitest (5.0.6)
    nokogiri (1.6.0)
      mini_portile (~> 0.5.0)
    rake (10.1.0)

PLATFORMS
  ruby

DEPENDENCIES
  hoe
  minitest
  nokogiri
